GEM
  remote: https://rubygems.org/
  specs:
    sequel (5.19.0)
    sqlite3 (1.4.0)

PLATFORMS
  ruby

DEPENDENCIES
  sequel
  sqlite3

BUNDLED WITH
   2.0.1
